GEM
  remote: http://rubygems.org/
  specs:
    addressable (2.3.2)
    json (1.7.5)
    launchy (2.1.2)
      addressable (~> 2.3)
    multi_json (1.3.6)
    nokogiri (1.5.5)
    oauth (0.4.7)
    rdio (0.1.0)
      json
      oauth (>= 0.3.0)

PLATFORMS
  ruby

DEPENDENCIES
  launchy (~> 2.1.2)
  multi_json (~> 1.3.6)
  nokogiri (~> 1.5.5)
  rdio (~> 0.1.0)
