GEM
  remote: http://rubygems.org/
  specs:
    json (1.7.5)
    multi_json (1.3.6)
    nokogiri (1.5.5)
    oauth (0.4.7)
    rdio (0.1.0)
      json
      oauth (>= 0.3.0)

PLATFORMS
  ruby

DEPENDENCIES
  multi_json
  nokogiri
  rdio
